PATH
  remote: .
  specs:
    can_render_markdown (0.1.0)
      kramdown (~> 1.0)

GEM
  remote: https://rubygems.org/
  specs:
    diff-lcs (1.3)
    kramdown (1.16.2)
    rake (10.5.0)
    rspec (3.7.0)
      rspec-core (~> 3.7.0)
      rspec-expectations (~> 3.7.0)
      rspec-mocks (~> 3.7.0)
    rspec-core (3.7.1)
      rspec-support (~> 3.7.0)
    rspec-expectations (3.7.0)
      diff-lcs (>= 1.2.0, < 2.0)
      rspec-support (~> 3.7.0)
    rspec-mocks (3.7.0)
      diff-lcs (>= 1.2.0, < 2.0)
      rspec-support (~> 3.7.0)
    rspec-support (3.7.1)

PLATFORMS
  ruby

DEPENDENCIES
  bundler (~> 1.16)
  can_render_markdown!
  rake (~> 10.0)
  rspec (~> 3.0)

BUNDLED WITH
   1.16.1
